PATH
  remote: .
  specs:
    claret (0.1.0)
      irbs (> 0.1, < 1)
      prism (> 0.1, < 1)
      ruby-next (~> 1.0)
      steep (~> 1.6)
      thor (~> 1.3)

GEM
  remote: https://rubygems.org/
  specs:
    abbrev (0.1.2)
    activesupport (7.1.2)
      base64
      bigdecimal
      concurrent-ruby (~> 1.0, >= 1.0.2)
      connection_pool (>= 2.2.5)
      drb
      i18n (>= 1.6, < 2)
      minitest (>= 5.1)
      mutex_m
      tzinfo (~> 2.0)
    ast (2.4.2)
    base64 (0.2.0)
    bigdecimal (3.1.5)
    concurrent-ruby (1.2.2)
    connection_pool (2.4.1)
    csv (3.2.8)
    diff-lcs (1.5.0)
    drb (2.2.0)
      ruby2_keywords
    ffi (1.16.3)
    fileutils (1.7.2)
    i18n (1.14.1)
      concurrent-ruby (~> 1.0)
    irbs (0.2.1)
      yard (~> 0.9.28)
    json (2.7.1)
    language_server-protocol (3.17.0.3)
    lint_roller (1.1.0)
    listen (3.8.0)
      rb-fsevent (~> 0.10, >= 0.10.3)
      rb-inotify (~> 0.9, >= 0.9.10)
    logger (1.6.0)
    minitest (5.20.0)
    mutex_m (0.2.0)
    paco (0.2.3)
    parallel (1.24.0)
    parser (3.2.2.4)
      ast (~> 2.4.1)
      racc
    prism (0.19.0)
    racc (1.7.3)
    rainbow (3.1.1)
    rake (13.1.0)
    rb-fsevent (0.11.2)
    rb-inotify (0.10.1)
      ffi (~> 1.0)
    rbs (3.4.0)
      abbrev
    regexp_parser (2.8.3)
    require-hooks (0.2.2)
    rexml (3.2.6)
    rubocop (1.57.2)
      json (~> 2.3)
      language_server-protocol (>= 3.17.0)
      parallel (~> 1.10)
      parser (>= 3.2.2.4)
      rainbow (>= 2.2.2, < 4.0)
      regexp_parser (>= 1.8, < 3.0)
      rexml (>= 3.2.5, < 4.0)
      rubocop-ast (>= 1.28.1, < 2.0)
      ruby-progressbar (~> 1.7)
      unicode-display_width (>= 2.4.0, < 3.0)
    rubocop-ast (1.30.0)
      parser (>= 3.2.1.0)
    rubocop-performance (1.19.1)
      rubocop (>= 1.7.0, < 2.0)
      rubocop-ast (>= 0.4.0)
    ruby-next (1.0.0)
      paco (~> 0.2)
      require-hooks (~> 0.2)
      ruby-next-core (= 1.0.0)
      ruby-next-parser (>= 3.2.2.0)
      unparser (~> 0.6.0)
    ruby-next-core (1.0.0)
    ruby-next-parser (3.2.2.0)
      parser (>= 3.0.3.1)
    ruby-progressbar (1.13.0)
    ruby2_keywords (0.0.5)
    securerandom (0.3.1)
    standard (1.32.1)
      language_server-protocol (~> 3.17.0.2)
      lint_roller (~> 1.0)
      rubocop (~> 1.57.2)
      standard-custom (~> 1.0.0)
      standard-performance (~> 1.2)
    standard-custom (1.0.2)
      lint_roller (~> 1.0)
      rubocop (~> 1.50)
    standard-performance (1.2.1)
      lint_roller (~> 1.1)
      rubocop-performance (~> 1.19.1)
    steep (1.6.0)
      activesupport (>= 5.1)
      concurrent-ruby (>= 1.1.10)
      csv (>= 3.0.9)
      fileutils (>= 1.1.0)
      json (>= 2.1.0)
      language_server-protocol (>= 3.15, < 4.0)
      listen (~> 3.0)
      logger (>= 1.3.0)
      parser (>= 3.1)
      rainbow (>= 2.2.2, < 4.0)
      rbs (>= 3.1.0)
      securerandom (>= 0.1)
      strscan (>= 1.0.0)
      terminal-table (>= 2, < 4)
    strscan (3.0.7)
    terminal-table (3.0.2)
      unicode-display_width (>= 1.1.1, < 3)
    thor (1.3.0)
    tzinfo (2.0.6)
      concurrent-ruby (~> 1.0)
    unicode-display_width (2.5.0)
    unparser (0.6.10)
      diff-lcs (~> 1.3)
      parser (>= 3.2.2.4)
    yard (0.9.34)

PLATFORMS
  arm64-darwin-23

DEPENDENCIES
  claret!
  minitest (~> 5.0)
  rake (~> 13.0)
  standard (~> 1.3)

BUNDLED WITH
   2.4.20
